GEM
  remote: https://rubygems.org/
  specs:
    motion-benchmark-ips (1.0)
    rake (10.3.2)

PLATFORMS
  ruby

DEPENDENCIES
  motion-benchmark-ips
  rake
